GEM
  remote: https://rubygems.org/
  specs:
    activesupport (7.1.3.4)
      base64
      bigdecimal
      concurrent-ruby (~> 1.0, >= 1.0.2)
      connection_pool (>= 2.2.5)
      drb
      i18n (>= 1.6, < 2)
      minitest (>= 5.1)
      mutex_m
      tzinfo (~> 2.0)
    base64 (0.2.0)
    bigdecimal (3.1.8)
    concurrent-ruby (1.3.3)
    connection_pool (2.4.1)
    drb (2.2.1)
    i18n (1.14.5)
      concurrent-ruby (~> 1.0)
    matrix (0.4.2)
    minitest (5.24.0)
    multi_json (1.15.0)
    mustermann (3.0.0)
      ruby2_keywords (~> 0.0.1)
    mutex_m (0.2.0)
    pdf-core (0.10.0)
    pg (1.5.6)
    pg (1.5.6-x64-unknown)
    prawn (2.5.0)
      matrix (~> 0.4)
      pdf-core (~> 0.10.0)
      ttfunk (~> 1.8)
    rack (3.0.11)
    rack-protection (4.0.0)
      base64 (>= 0.1.0)
      rack (>= 3.0.0, < 4)
    rack-session (2.0.0)
      rack (>= 3.0.0)
    ruby2_keywords (0.0.5)
    sinatra (4.0.0)
      mustermann (~> 3.0)
      rack (>= 3.0.0, < 4)
      rack-protection (= 4.0.0)
      rack-session (>= 2.0.0, < 3)
      tilt (~> 2.0)
    sinatra-contrib (4.0.0)
      multi_json (>= 0.0.2)
      mustermann (~> 3.0)
      rack-protection (= 4.0.0)
      sinatra (= 4.0.0)
      tilt (~> 2.0)
    tilt (2.3.0)
    ttfunk (1.8.0)
      bigdecimal (~> 3.1)
    tzinfo (2.0.6)
      concurrent-ruby (~> 1.0)
    wicked_pdf (2.8.0)
      activesupport
    wkhtmltopdf (0.1.2)
    wkhtmltopdf-binary (0.12.6.7)

PLATFORMS
  x64-unknown
  x86_64-darwin-22
  x86_64-linux

DEPENDENCIES
  pg
  prawn
  rack
  sinatra
  sinatra-contrib
  wicked_pdf
  wkhtmltopdf
  wkhtmltopdf-binary

BUNDLED WITH
   2.5.6
